NUGET
  remote: http://api.nuget.org/v3/index.json
  specs:
    FAKE (4.16.0)
    Nuget.CommandLine (3.3.0)
    NUnit (3.0.1)
    NUnit.Console (3.0.1)
