RESTRICTION: >= net45
NUGET
  remote: https://api.nuget.org/v3/index.json
    FAKE (4.61.3)
    NuGet.CommandLine (4.1)
    NUnit (3.7.1)
    NUnit.ConsoleRunner (3.6.1)
