RESTRICTION: >= net45
NUGET
  remote: https://api.nuget.org/v3/index.json
    FAKE (4.63)
    Nuget.CommandLine (4.3)
    NUnit (3.7.1)
    NUnit.ConsoleRunner (3.7)

GROUP fs31
NUGET
  remote: https://api.nuget.org/v3/index.json
    FSharp.Core (3.1.2.5)

GROUP fs40
NUGET
  remote: https://api.nuget.org/v3/index.json
    FSharp.Core (4.0.0.1)
