NUGET
  remote: http://api.nuget.org/v3/index.json
    FAKE (4.17.1)
    NuGet.CommandLine (3.3)
    NUnit (3.4.1)
    NUnit.ConsoleRunner (3.4.1)
