RESTRICTION: >= net45
NUGET
  remote: https://api.nuget.org/v3/index.json
    FAKE (4.63.2)
    FSharp.Core (4.2.3)
    Nuget.CommandLine (4.3)
    xunit.runner.console (2.3)

GROUP fs31
NUGET
  remote: https://api.nuget.org/v3/index.json
    FSharp.Core (3.1.2.5)

GROUP fs40
NUGET
  remote: https://api.nuget.org/v3/index.json
    FSharp.Core (4.0.0.1)
