NUGET
  remote: https://api.nuget.org/v3/index.json
    FAKE (4.61.1)
    NuGet.CommandLine (3.5)
    NUnit (3.4.1)
    NUnit.ConsoleRunner (3.4.1)
